GEM
  remote: https://rubygems.org/
  specs:
    aws-partitions (1.5.0)
    aws-sdk-core (3.0.0.rc1)
      aws-partitions (~> 1.0)
      aws-sigv4 (~> 1.0)
      jmespath (~> 1.0)
    aws-sdk-kms (1.0.0.rc3)
      aws-sdk-core (= 3.0.0.rc1)
      aws-sigv4 (~> 1.0)
    aws-sdk-s3 (1.0.0.rc3)
      aws-sdk-core (= 3.0.0.rc1)
      aws-sdk-kms (= 1.0.0.rc3)
      aws-sigv4 (~> 1.0)
    aws-sigv4 (1.0.0)
    jmespath (1.3.1)
    mixlib-shellout (2.2.7)
    multi_json (1.12.1)

PLATFORMS
  ruby

DEPENDENCIES
  aws-sdk-s3 (~> 1.0.0.rc3)
  mixlib-shellout (~> 2.2.7)
  multi_json (~> 1.12.1)

BUNDLED WITH
   1.13.7
